GEM
  remote: https://rubygems.org/
  specs:
    cld3 (3.5.3)
    mini_portile2 (2.8.1)
    nokogiri (1.14.2)
      mini_portile2 (~> 2.8.0)
      racc (~> 1.4)
    nokogiri (1.14.2-java)
      racc (~> 1.4)
    pkg-config (1.5.1)
    puma (2.14.0)
    puma (2.14.0-java)
    racc (1.6.2)
    racc (1.6.2-java)
    rack (1.6.13)
    rack-protection (1.5.3)
      rack
    rmagick (5.2.0)
      pkg-config (~> 1.4)
    sinatra (1.4.6)
      rack (~> 1.4)
      rack-protection (~> 1.4)
      tilt (>= 1.3, < 3)
    tilt (2.0.1)

PLATFORMS
  java
  ruby

DEPENDENCIES
  cld3
  nokogiri
  puma
  rmagick
  sinatra

BUNDLED WITH
   1.10.6
