GEM
  remote: https://rubygems.org/
  specs:
    cld3 (3.5.3)
    mini_portile2 (2.8.1)
    mustermann (2.0.2)
      ruby2_keywords (~> 0.0.1)
    nokogiri (1.14.2)
      mini_portile2 (~> 2.8.0)
      racc (~> 1.4)
    nokogiri (1.14.2-java)
      racc (~> 1.4)
    pkg-config (1.5.1)
    puma (2.14.0)
    puma (2.14.0-java)
    racc (1.6.2)
    racc (1.6.2-java)
    rack (2.2.6.4)
    rack-protection (2.2.3)
      rack
    rmagick (5.2.0)
      pkg-config (~> 1.4)
    ruby2_keywords (0.0.5)
    sinatra (2.2.3)
      mustermann (~> 2.0)
      rack (~> 2.2)
      rack-protection (= 2.2.3)
      tilt (~> 2.0)
    tilt (2.1.0)

PLATFORMS
  java
  ruby

DEPENDENCIES
  cld3
  nokogiri
  puma
  rmagick
  sinatra

BUNDLED WITH
   1.10.6
