GEM
  remote: https://rubygems.org/
  specs:
    cld3 (3.6.0)
    mini_portile2 (2.8.4)
    nio4r (2.5.9)
    nio4r (2.5.9-java)
    nokogiri (1.15.4)
      mini_portile2 (~> 2.8.2)
      racc (~> 1.4)
    nokogiri (1.15.4-java)
      racc (~> 1.4)
    pkg-config (1.5.2)
    puma (5.6.7)
      nio4r (~> 2.0)
    puma (5.6.7-java)
      nio4r (~> 2.0)
    racc (1.7.1)
    racc (1.7.1-java)
    rack (1.6.4)
    rack-protection (1.5.3)
      rack
    rmagick (5.3.0)
      pkg-config (~> 1.4)
    sinatra (1.4.6)
      rack (~> 1.4)
      rack-protection (~> 1.4)
      tilt (>= 1.3, < 3)
    tilt (2.0.1)

PLATFORMS
  java
  ruby

DEPENDENCIES
  cld3
  nokogiri
  puma
  rmagick
  sinatra

BUNDLED WITH
   1.10.6
